PATH
  remote: .
  specs:
    classdojo_archive (0.1.0)
      dotenv
      httparty
      sequel
      sqlite3

GEM
  remote: https://rubygems.org/
  specs:
    coderay (1.1.2)
    diff-lcs (1.3)
    dotenv (2.2.1)
    httparty (0.15.6)
      multi_xml (>= 0.5.2)
    method_source (0.9.0)
    multi_xml (0.6.0)
    pry (0.11.3)
      coderay (~> 1.1.0)
      method_source (~> 0.9.0)
    rake (13.0.1)
    rspec (3.7.0)
      rspec-core (~> 3.7.0)
      rspec-expectations (~> 3.7.0)
      rspec-mocks (~> 3.7.0)
    rspec-core (3.7.1)
      rspec-support (~> 3.7.0)
    rspec-expectations (3.7.0)
      diff-lcs (>= 1.2.0, < 2.0)
      rspec-support (~> 3.7.0)
    rspec-mocks (3.7.0)
      diff-lcs (>= 1.2.0, < 2.0)
      rspec-support (~> 3.7.0)
    rspec-support (3.7.0)
    sequel (5.4.0)
    sqlite3 (1.3.13)

PLATFORMS
  ruby

DEPENDENCIES
  bundler (~> 1.16)
  classdojo_archive!
  pry
  rake (~> 13.0)
  rspec (~> 3.0)

BUNDLED WITH
   1.16.1
